GEM
  remote: https://rubygems.org/
  specs:
    coderay (1.1.0)
    method_source (0.8.2)
    narray (0.6.0.9)
    number-theory (0.0.2)
      narray (>= 0.6)
    pry (0.10.0)
      coderay (~> 1.1.0)
      method_source (~> 0.8.1)
      slop (~> 3.4)
    pry-doc (0.6.0)
      pry (~> 0.9)
      yard (~> 0.8)
    slop (3.6.0)
    yard (0.8.7.4)

PLATFORMS
  ruby

DEPENDENCIES
  number-theory
  pry
  pry-doc
